GEM
  remote: http://rubygems.org/
  specs:
    fakeweb (1.3.0)
    git (1.2.5)
    iconv (0.1)
    jeweler (1.5.2)
      bundler (~> 1.0.0)
      git (>= 1.2.5)
      rake
    nokogiri (1.4.4)
    rake (0.8.7)
    rcov (0.9.9)

PLATFORMS
  ruby

DEPENDENCIES
  bundler (~> 1.0.0)
  fakeweb
  iconv
  jeweler (~> 1.5.2)
  nokogiri (~> 1.4.0)
  rcov
